GEM
  remote: http://rubygems.org/
  specs:
    addressable (2.3.6)
    bson (1.11.1)
    bson_ext (1.11.1)
      bson (~> 1.11.1)
    builder (3.2.2)
    capybara (2.4.4)
      mime-types (>= 1.16)
      nokogiri (>= 1.3.3)
      rack (>= 1.0.0)
      rack-test (>= 0.5.4)
      xpath (~> 2.0)
    cucumber (1.3.17)
      builder (>= 2.1.2)
      diff-lcs (>= 1.1.3)
      gherkin (~> 2.12)
      multi_json (>= 1.7.5, < 2.0)
      multi_test (>= 0.1.1)
    daemons (1.1.9)
    data_mapper (1.0.0)
      dm-aggregates (= 1.0.0)
      dm-constraints (= 1.0.0)
      dm-core (= 1.0.0)
      dm-core (= 1.0.0)
      dm-migrations (= 1.0.0)
      dm-serializer (= 1.0.0)
      dm-timestamps (= 1.0.0)
      dm-transactions (= 1.0.0)
      dm-types (= 1.0.0)
      dm-validations (= 1.0.0)
    data_objects (0.10.14)
      addressable (~> 2.1)
    diff-lcs (1.2.5)
    dm-accepts_nested_attributes (1.0.0)
      dm-core (~> 1.0.0)
    dm-aggregates (1.0.0)
      dm-core (~> 1.0.0)
    dm-constraints (1.0.0)
      dm-core (~> 1.0.0)
      dm-migrations (~> 1.0.0)
    dm-core (1.0.0)
      addressable (~> 2.1)
      extlib (~> 0.9.15)
    dm-do-adapter (1.0.0)
      data_objects (~> 0.10.1)
      dm-core (~> 1.0.0)
    dm-migrations (1.0.0)
      dm-core (~> 1.0.0)
    dm-postgres-adapter (1.0.0)
      dm-do-adapter (~> 1.0.0)
      do_postgres (~> 0.10.2)
    dm-serializer (1.0.0)
      dm-core (~> 1.0.0)
      fastercsv (~> 1.5.3)
      json_pure (~> 1.4.3)
    dm-timestamps (1.0.0)
      dm-core (~> 1.0.0)
    dm-transactions (1.0.0)
      dm-core (~> 1.0.0)
    dm-types (1.0.0)
      dm-core (~> 1.0.0)
      fastercsv (~> 1.5.3)
      json_pure (~> 1.4.3)
      stringex (~> 1.1.0)
      uuidtools (~> 2.1.1)
    dm-validations (1.0.0)
      dm-core (~> 1.0.0)
    do_postgres (0.10.14)
      data_objects (= 0.10.14)
    do_postgres (0.10.14-x86-mingw32)
      data_objects (= 0.10.14)
    eventmachine (1.0.3)
    eventmachine (1.0.3-x86-mingw32)
    extlib (0.9.16)
    fastercsv (1.5.5)
    gherkin (2.12.2)
      multi_json (~> 1.3)
    gherkin (2.12.2-x86-mingw32)
      multi_json (~> 1.3)
    haml (4.0.6)
      tilt
    iconv (1.0.4)
    json_pure (1.4.6)
    mime-types (2.4.3)
    mini_portile (0.6.1)
    multi_json (1.10.1)
    multi_test (0.1.1)
    nokogiri (1.6.5)
      mini_portile (~> 0.6.0)
    nokogiri (1.6.5-x86-mingw32)
      mini_portile (~> 0.6.0)
    pg (0.17.1)
    pg (0.17.1-x86-mingw32)
    rack (1.5.2)
    rack-flash3 (1.0.5)
      rack
    rack-protection (1.5.3)
      rack
    rack-test (0.6.2)
      rack (>= 1.0)
    shotgun (0.9)
      rack (>= 1.0)
    sinatra (1.4.5)
      rack (~> 1.4)
      rack-protection (~> 1.4)
      tilt (~> 1.3, >= 1.3.4)
    stringex (1.1.0)
    thin (1.6.3)
      daemons (~> 1.0, >= 1.0.9)
      eventmachine (~> 1.0)
      rack (~> 1.0)
    tilt (1.4.1)
    uuidtools (2.1.5)
    xpath (2.0.0)
      nokogiri (~> 1.3)

PLATFORMS
  ruby
  x86-mingw32

DEPENDENCIES
  bson_ext
  capybara
  cucumber
  data_mapper
  dm-accepts_nested_attributes (~> 1.0.0)
  dm-postgres-adapter
  haml
  iconv
  pg
  rack
  rack-flash3
  shotgun
  sinatra
  thin
